GEM
  remote: https://rubygems.org/
  specs:
    aws-eventstream (1.2.0)
    aws-partitions (1.506.0)
    aws-sdk-core (3.121.1)
      aws-eventstream (~> 1, >= 1.0.2)
      aws-partitions (~> 1, >= 1.239.0)
      aws-sigv4 (~> 1.1)
      jmespath (~> 1.0)
    aws-sdk-kms (1.48.0)
      aws-sdk-core (~> 3, >= 3.120.0)
      aws-sigv4 (~> 1.1)
    aws-sdk-s3 (1.103.0)
      aws-sdk-core (~> 3, >= 3.120.0)
      aws-sdk-kms (~> 1)
      aws-sigv4 (~> 1.4)
    aws-sigv4 (1.4.0)
      aws-eventstream (~> 1, >= 1.0.2)
    jmespath (1.4.0)

PLATFORMS
  x86_64-darwin-17

DEPENDENCIES
  aws-sdk-s3 (~> 1)

RUBY VERSION
   ruby 2.6.6p146

BUNDLED WITH
   2.2.15
